PATH
  remote: .
  specs:
    campaign_cash (2.7)
      json

GEM
  remote: https://rubygems.org/
  specs:
    activesupport (4.0.3)
      i18n (~> 0.6, >= 0.6.4)
      minitest (~> 4.2)
      multi_json (~> 1.3)
      thread_safe (~> 0.1)
      tzinfo (~> 0.3.37)
    atomic (1.1.15)
    i18n (0.6.9)
    json (1.8.1)
    minitest (4.3.2)
    multi_json (1.8.4)
    rake (10.1.1)
    shoulda (3.5.0)
      shoulda-context (~> 1.0, >= 1.0.1)
      shoulda-matchers (>= 1.4.1, < 3.0)
    shoulda-context (1.1.6)
    shoulda-matchers (2.5.0)
      activesupport (>= 3.0.0)
    thread_safe (0.2.0)
      atomic (>= 1.1.7, < 2)
    tzinfo (0.3.38)

PLATFORMS
  ruby

DEPENDENCIES
  bundler (>= 1.0.0)
  campaign_cash!
  rake (>= 10.0)
  shoulda
