PATH
  remote: .
  specs:
    campaign_cash (2.3)
      json

GEM
  remote: http://rubygems.org/
  specs:
    json (1.6.5)
    rake (0.8.7)
    shoulda (2.11.3)

PLATFORMS
  ruby

DEPENDENCIES
  bundler (>= 1.0.0)
  campaign_cash!
  rake (= 0.8.7)
  shoulda
